GEM
  remote: http://rubygems.org/
  specs:
    active_record_union (1.3.0)
      activerecord (>= 4.0)
    activemodel (5.2.1)
      activesupport (= 5.2.1)
    activerecord (5.2.1)
      activemodel (= 5.2.1)
      activesupport (= 5.2.1)
      arel (>= 9.0)
    activerecord-import (0.25.0)
      activerecord (>= 3.2)
    activesupport (5.2.1)
      concurrent-ruby (~> 1.0, >= 1.0.2)
      i18n (>= 0.7, < 2)
      minitest (~> 5.1)
      tzinfo (~> 1.1)
    addressable (2.4.0)
    apriori-ruby (0.0.9)
    arel (9.0.0)
    backports (3.11.4)
    barby (0.6.6)
    bullet (5.7.6)
      activesupport (>= 3.0.0)
      uniform_notifier (~> 1.11.0)
    chartkick (3.2.0)
    choice (0.2.0)
    chronic (0.10.2)
    concurrent-ruby (1.0.5)
    daemons (1.2.3)
    dbf (3.1.2)
    domain_name (0.5.20180417)
      unf (>= 0.0.5, < 1.0.0)
    eventmachine (1.2.7)
    graphviz (1.1.0)
      process-pipeline
    groupdate (4.0.1)
      activesupport (>= 4.2)
    haml (5.0.4)
      temple (>= 0.8.0)
      tilt
    highcharts (0.0.3)
      ice_cube (= 0.7.7)
    http-cookie (1.0.3)
      domain_name (~> 0.5)
    i18n (1.0.1)
      concurrent-ruby (~> 1.0)
    ice_cube (0.7.7)
    json (2.1.0)
    mime-types (3.2.2)
      mime-types-data (~> 3.2015)
    mime-types-data (3.2018.0812)
    minitest (5.11.3)
    money (6.12.0)
      i18n (>= 0.6.4, < 1.1)
    monkey-lib (0.4.2)
      backports
    mustermann (1.0.3)
    mysql2 (0.5.2)
    netrc (0.11.0)
    pdf-core (0.7.0)
    prawn (2.2.2)
      pdf-core (~> 0.7.0)
      ttfunk (~> 1.5)
    process-group (1.1.0)
    process-pipeline (1.0.1)
      process-group
    rack (2.0.5)
    rack-protection (2.0.4)
      rack
    rails-erd (1.5.2)
      activerecord (>= 3.2)
      activesupport (>= 3.2)
      choice (~> 0.2.0)
      ruby-graphviz (~> 1.2)
    rest-client (2.0.2)
      http-cookie (>= 1.0.2, < 2.0)
      mime-types (>= 1.16, < 4.0)
      netrc (~> 0.8)
    ruby-graphviz (1.2.3)
    sinatra (2.0.4)
      mustermann (~> 1.0)
      rack (~> 2.0)
      rack-protection (= 2.0.4)
      tilt (~> 2.0)
    sinatra-advanced-routes (0.4.1)
      monkey-lib (~> 0.4.0)
      sinatra (>= 0.9.4)
      sinatra-sugar (~> 0.4.0)
    sinatra-sugar (0.4.1)
      monkey-lib (~> 0.4.0)
      sinatra (>= 0.9.4)
    sinatra-twitter-bootstrap (2.3.4)
    temple (0.8.0)
    thin (1.7.2)
      daemons (~> 1.0, >= 1.0.9)
      eventmachine (~> 1.0, >= 1.0.4)
      rack (>= 1, < 3)
    thread_safe (0.3.6)
    tilt (2.0.8)
    ttfunk (1.5.1)
    tzinfo (1.2.5)
      thread_safe (~> 0.1)
    unf (0.1.4)
      unf_ext
    unf_ext (0.0.7.5)
    uniform_notifier (1.11.0)
    whenever (0.10.0)
      chronic (>= 0.6.3)

PLATFORMS
  ruby

DEPENDENCIES
  active_record_union
  activerecord
  activerecord-import
  activesupport
  addressable (= 2.4.0)
  apriori-ruby
  barby
  bullet
  chartkick
  daemons (= 1.2.3)
  dbf
  graphviz
  groupdate
  haml
  highcharts
  json
  money
  mysql2
  prawn
  rails-erd
  rest-client
  ruby-graphviz
  sinatra
  sinatra-advanced-routes
  sinatra-twitter-bootstrap
  thin
  whenever

BUNDLED WITH
   1.16.5
